GEM
  remote: http://rubygems.org/
  specs:
    activemodel (4.2.11.3)
      activesupport (= 4.2.11.3)
      builder (~> 3.1)
    activeresource (4.1.0)
      activemodel (~> 4.0)
      activesupport (~> 4.0)
      rails-observers (~> 0.1.2)
    activesupport (4.2.11.3)
      i18n (~> 0.7)
      minitest (~> 5.1)
      thread_safe (~> 0.3, >= 0.3.4)
      tzinfo (~> 1.1)
    builder (3.2.4)
    concurrent-ruby (1.1.6)
    daemon-kit (0.3.3)
      eventmachine (>= 0.12.10)
      thor
    eventmachine (1.2.7)
    i18n (0.9.5)
      concurrent-ruby (~> 1.0)
    minitest (5.14.1)
    rails-observers (0.1.5)
      activemodel (>= 4.0)
    thor (1.0.1)
    thread_safe (0.3.6)
    tzinfo (1.2.7)
      thread_safe (~> 0.1)

PLATFORMS
  ruby

DEPENDENCIES
  activeresource (~> 4.1.0)
  daemon-kit
